PATH
  remote: .
  specs:
    autocorrect-rb (2.9.0)
      rb_sys (>= 0.9.54)

GEM
  remote: https://rubygems.org/
  specs:
    activesupport (7.1.2)
      base64
      bigdecimal
      concurrent-ruby (~> 1.0, >= 1.0.2)
      connection_pool (>= 2.2.5)
      drb
      i18n (>= 1.6, < 2)
      minitest (>= 5.1)
      mutex_m
      tzinfo (~> 2.0)
    base64 (0.2.0)
    benchmark-ips (2.13.0)
    bigdecimal (3.1.5)
    concurrent-ruby (1.2.2)
    connection_pool (2.4.1)
    drb (2.2.0)
      ruby2_keywords
    i18n (1.14.1)
      concurrent-ruby (~> 1.0)
    memory_profiler (1.0.1)
    minitest (5.20.0)
    mutex_m (0.2.0)
    rake (13.1.0)
    rake-compiler (1.2.5)
      rake
    rb_sys (0.9.84)
    ruby2_keywords (0.0.5)
    tzinfo (2.0.6)
      concurrent-ruby (~> 1.0)

PLATFORMS
  arm64-darwin-20
  arm64-darwin-21
  arm64-darwin-22
  arm64-darwin-23
  x86_64-linux

DEPENDENCIES
  activesupport
  autocorrect-rb!
  benchmark-ips
  memory_profiler
  minitest
  rake
  rake-compiler (~> 1.2)
  rb_sys

BUNDLED WITH
   2.5.0.dev
